GEM
  remote: http://rubygems.org/
  specs:
    bson (1.3.1)
    bson_ext (1.3.1)
    json (1.5.3)
    mongo (1.3.1)
      bson (>= 1.3.1)
    sys-uname (0.8.5)
    whereis (1.1.3)
      sys-uname

PLATFORMS
  ruby

DEPENDENCIES
  bson_ext
  json
  mongo
  sys-uname
  whereis (>= 1.1.3)
