GEM
  remote: http://rubygems.org/
  specs:
    allison (2.0.3)
    bson (1.3.1)
    bson_ext (1.3.1)
    echoe (4.6.1)
      allison (>= 2.0.3)
      gemcutter (>= 0.7.0)
      rake (>= 0.9.2)
      rdoc (>= 3.6.1)
      rubyforge (>= 2.0.4)
    gemcutter (0.7.0)
    json (1.5.3)
    json_pure (1.5.3)
    mongo (1.3.1)
      bson (>= 1.3.1)
    rake (0.9.2)
    rdoc (3.8)
    rubyforge (2.0.4)
      json_pure (>= 1.1.7)

PLATFORMS
  ruby

DEPENDENCIES
  bson_ext
  echoe
  json
  mongo
