GEM
  remote: http://rubygems.org/
  specs:
    bson (1.3.1)
    bson_ext (1.3.1)
    json (1.5.3)
    mongo (1.3.1)
      bson (>= 1.3.1)

PLATFORMS
  ruby

DEPENDENCIES
  bson
  bson_ext
  json
  mongo
